GEM
  remote: https://rubygems.org/
  specs:
    ffi (1.10.0)
    rake (12.3.2)

PLATFORMS
  ruby

DEPENDENCIES
  ffi
  rake

BUNDLED WITH
   1.17.2
