GEM
  remote: https://rubygems.org/
  specs:
    ffi (1.10.0)
    matplotlib (1.0.0)
      pycall (>= 1.0.0)
    pycall (1.2.1)

PLATFORMS
  ruby

DEPENDENCIES
  ffi
  matplotlib

BUNDLED WITH
   1.17.2
