GEM
  remote: https://rubygems.org/
  specs:
    ffi (1.10.0)
    rake (12.3.2)
    yard (0.9.18)

PLATFORMS
  ruby

DEPENDENCIES
  ffi
  rake
  yard

BUNDLED WITH
   1.17.2
