GEM
  remote: https://rubygems.org/
  specs:
    ffi (1.10.0)
    matplotlib (1.0.0)
      pycall (>= 1.0.0)
    numo-narray (0.9.1.4)
    pycall (1.2.1)
    rumale (0.8.1)
      numo-narray (>= 0.9.1)

PLATFORMS
  ruby

DEPENDENCIES
  ffi
  matplotlib
  rumale

BUNDLED WITH
   1.17.2
