GEM
  remote: https://rubygems.org/
  specs:
    ffi (1.10.0)

PLATFORMS
  ruby

DEPENDENCIES
  ffi

BUNDLED WITH
   1.17.2
